GEM
  remote: https://rubygems.org/
  specs:
    dotenv (2.7.4)
    httparty (0.21.0)
      mini_mime (>= 1.0.0)
      multi_xml (>= 0.5.2)
    mini_mime (1.1.2)
    multi_xml (0.6.0)
    mustermann (1.0.3)
    poke-api-v2 (0.1.0)
    rack (2.0.7)
    rack-protection (2.0.5)
      rack
    shotgun (0.9.2)
      rack (>= 1.0)
    sinatra (2.0.5)
      mustermann (~> 1.0)
      rack (~> 2.0)
      rack-protection (= 2.0.5)
      tilt (~> 2.0)
    tilt (2.0.9)

PLATFORMS
  ruby

DEPENDENCIES
  dotenv
  httparty
  poke-api-v2
  shotgun
  sinatra

BUNDLED WITH
   2.0.2
